PATH
  remote: .
  specs:
    es (0.0.1)
      chronic
      gli
      gooddata (>= 0.5.2)
      jsonify
      kwalify
      pry
      rainbow

PATH
  remote: ../gooddata-ruby
  specs:
    gooddata (0.5.2)
      fastercsv
      json
      json_pure
      parseconfig
      rest-client
      rubyzip

GEM
  remote: http://rubygems.org/
  specs:
    chronic (0.6.7)
    coderay (1.0.5)
    fastercsv (1.5.4)
    gli (1.5.1)
    json (1.6.5)
    json_pure (1.6.5)
    jsonify (0.3.1)
      multi_json (~> 1.0)
    kwalify (0.7.2)
    method_source (0.7.0)
    mime-types (1.17.2)
    multi_json (1.0.4)
    parseconfig (0.5.2)
    pry (0.9.8.2)
      coderay (~> 1.0.5)
      method_source (~> 0.7)
      slop (< 3, >= 2.4.4)
    rainbow (1.1.3)
    rake (0.9.2.2)
    rdoc (3.12)
      json (~> 1.4)
    rest-client (1.6.7)
      mime-types (>= 1.16)
    rubyzip (0.9.5)
    slop (2.4.4)

PLATFORMS
  ruby

DEPENDENCIES
  es!
  gooddata!
  rake
  rdoc
