PATH
  remote: .
  specs:
    es (0.0.2)
      activesupport
      chronic
      fastercsv
      gli
      gooddata (>= 0.5.3)
      i18n
      jsonify
      pry
      rainbow
      terminal-table
      yajl-ruby

PATH
  remote: ../gooddata-ruby
  specs:
    gooddata (0.5.3)
      fastercsv
      json
      json_pure
      parseconfig
      rest-client
      rubyzip

GEM
  remote: http://rubygems.org/
  specs:
    activesupport (3.1.3)
      multi_json (~> 1.0)
    chronic (0.6.7)
    coderay (1.0.5)
    fastercsv (1.5.4)
    gli (1.5.1)
    i18n (0.6.0)
    json (1.6.5)
    json_pure (1.6.5)
    jsonify (0.3.1)
      multi_json (~> 1.0)
    method_source (0.7.1)
    mime-types (1.17.2)
    multi_json (1.0.4)
    parseconfig (0.5.2)
    pry (0.9.8.2)
      coderay (~> 1.0.5)
      method_source (~> 0.7)
      slop (< 3, >= 2.4.4)
    rainbow (1.1.3)
    rake (0.9.2.2)
    rdoc (3.12)
      json (~> 1.4)
    rest-client (1.6.7)
      mime-types (>= 1.16)
    rubyzip (0.9.6.1)
    slop (2.4.4)
    terminal-table (1.4.4)
    yajl-ruby (1.1.0)

PLATFORMS
  ruby

DEPENDENCIES
  es!
  gooddata!
  rake
  rdoc
