PATH
  remote: .
  specs:
    es (0.0.1)
      chronic
      gli
      gooddata (>= 0.5.2)
      jsonify

PATH
  remote: ../gooddata-ruby
  specs:
    gooddata (0.5.2)
      fastercsv
      json
      json_pure
      parseconfig
      rest-client
      rubyzip

GEM
  remote: http://rubygems.org/
  specs:
    chronic (0.6.7)
    fastercsv (1.5.4)
    gli (1.5.1)
    json (1.6.5)
    json_pure (1.6.5)
    jsonify (0.3.1)
      multi_json (~> 1.0)
    mime-types (1.17.2)
    multi_json (1.0.4)
    parseconfig (0.5.2)
    rake (0.9.2.2)
    rdoc (3.12)
      json (~> 1.4)
    rest-client (1.6.7)
      mime-types (>= 1.16)
    rubyzip (0.9.5)

PLATFORMS
  ruby

DEPENDENCIES
  es!
  gooddata!
  rake
  rdoc
